GEM
  remote: https://rubygems.org/
  specs:
    date (3.3.3)
    nokogiri (1.15.4-x86_64-linux)
      racc (~> 1.4)
    open-uri (0.4.0)
      stringio
      time
      uri
    racc (1.6.2)
    stringio (3.0.4)
    time (0.2.1)
      date
    uri (0.12.0)

PLATFORMS
  x86_64-linux

DEPENDENCIES
  nokogiri
  open-uri

BUNDLED WITH
   2.4.19
